GEM
  remote: http://rubygems.org/
  specs:
    crack (0.1.8)
    httparty (0.6.1)
      crack (= 0.1.8)
    mocha (0.9.8)
      rake
    rake (0.8.7)
    shoulda (2.11.3)

PLATFORMS
  ruby

DEPENDENCIES
  httparty (= 0.6.1)
  mocha (= 0.9.8)
  shoulda (= 2.11.3)
